GIT
  remote: git://github.com/bumi/awesome_bot_factory.git
  revision: 4e765d0eb46fe80cc02450fc651e77a8b3c7fa9c
  specs:
    awesome_bot_factory (0.0.1)
      activesupport (~> 3.0.0)
      thor (~> 0.14.6)

GEM
  remote: http://rubygems.org/
  specs:
    activesupport (3.0.10)
    addressable (2.2.6)
    daemons (1.1.4)
    eventmachine (0.12.10)
    heroku (2.6.1)
      launchy (>= 0.3.2)
      rest-client (~> 1.6.1)
      rubyzip
      term-ansicolor (~> 1.0.5)
    launchy (2.0.5)
      addressable (~> 2.2.6)
    mime-types (1.16)
    rack (1.3.2)
    rest-client (1.6.7)
      mime-types (>= 1.16)
    rubyzip (0.9.4)
    term-ansicolor (1.0.6)
    thin (1.2.11)
      daemons (>= 1.0.9)
      eventmachine (>= 0.12.6)
      rack (>= 1.0.0)
    thor (0.14.6)

PLATFORMS
  ruby

DEPENDENCIES
  awesome_bot_factory!
  heroku
  rack
  thin
